GEM
  remote: https://rubygems.org/
  specs:
    fcgi (0.9.2.1)

PLATFORMS
  ruby

DEPENDENCIES
  fcgi

BUNDLED WITH
   1.13.6
